GEM
  remote: https://rubygems.org/
  specs:
    builder (3.2.0)
    ci_reporter (1.9.2)
      builder (>= 2.1.2)
    colorize (0.7.7)
    cucumber (1.3.1)
      builder (>= 2.1.2)
      diff-lcs (>= 1.1.3)
      gherkin (~> 2.12.0)
      multi_json (~> 1.3)
    diff-lcs (1.2.4)
    docile (1.1.3)
    gherkin (2.12.0)
      multi_json (~> 1.3)
    gli (2.5.6)
    hoe (3.11.0)
      rake (>= 0.8, < 11.0)
    hoe-bundler (1.2.0)
      hoe (>= 2.2.0)
    hoe-yard (0.1.2)
      yard (>= 0.2.3.1)
    multi_json (1.7.2)
    rake (10.3.1)
    redcarpet (3.1.1)
    rspec (2.14.1)
      rspec-core (~> 2.14.0)
      rspec-expectations (~> 2.14.0)
      rspec-mocks (~> 2.14.0)
    rspec-core (2.14.8)
    rspec-expectations (2.14.5)
      diff-lcs (>= 1.1.3, < 2.0)
    rspec-mocks (2.14.6)
    simplecov (0.8.2)
      docile (~> 1.1.0)
      multi_json
      simplecov-html (~> 0.8.0)
    simplecov-html (0.8.0)
    simplecov-rcov (0.2.3)
      simplecov (>= 0.4.1)
    yard (0.8.7.4)

PLATFORMS
  ruby

DEPENDENCIES
  ci_reporter
  colorize
  cucumber
  gli
  hoe (~> 3.11)
  hoe-bundler (~> 1.2)
  hoe-yard (>= 0.1.2)
  redcarpet
  rspec
  simplecov-rcov
  yard
